GEM
  remote: https://rubygems.org/
  specs:
    activemodel (7.0.4.1)
      activesupport (= 7.0.4.1)
    activesupport (7.0.4.1)
      concurrent-ruby (~> 1.0, >= 1.0.2)
      i18n (>= 1.6, < 2)
      minitest (>= 5.1)
      tzinfo (~> 2.0)
    addressable (2.8.1)
      public_suffix (>= 2.0.2, < 6.0)
    backports (3.15.0)
    byebug (11.0.1)
    carrierwave (2.2.3)
      activemodel (>= 5.0.0)
      activesupport (>= 5.0.0)
      addressable (~> 2.6)
      image_processing (~> 1.1)
      marcel (~> 1.0.0)
      mini_mime (>= 0.1.3)
      ssrf_filter (~> 1.0)
    carrierwave-sequel (0.1.1)
      carrierwave
      sequel
    coderay (1.1.2)
    concurrent-ruby (1.1.10)
    ffi (1.15.5)
    haml (5.1.1)
      temple (>= 0.8.0)
      tilt
    i18n (1.12.0)
      concurrent-ruby (~> 1.0)
    image_processing (1.12.2)
      mini_magick (>= 4.9.5, < 5)
      ruby-vips (>= 2.0.17, < 3)
    marcel (1.0.2)
    method_source (0.9.2)
    mini_magick (4.12.0)
    mini_mime (1.1.2)
    minitest (5.17.0)
    multi_json (1.13.1)
    mustermann (1.0.3)
    pry (0.12.2)
      coderay (~> 1.1.0)
      method_source (~> 0.9.0)
    pry-byebug (3.7.0)
      byebug (~> 11.0)
      pry (~> 0.10)
    public_suffix (5.0.1)
    puma (3.12.1)
    rack (2.0.7)
    rack-protection (2.0.5)
      rack
    rmagick (3.1.0)
    ruby-vips (2.1.4)
      ffi (~> 1.12)
    sequel (5.21.0)
    sinatra (2.0.5)
      mustermann (~> 1.0)
      rack (~> 2.0)
      rack-protection (= 2.0.5)
      tilt (~> 2.0)
    sinatra-contrib (2.0.5)
      backports (>= 2.8.2)
      multi_json
      mustermann (~> 1.0)
      rack-protection (= 2.0.5)
      sinatra (= 2.0.5)
      tilt (>= 1.3, < 3)
    sinatra-reloader (1.0)
      sinatra-contrib
    sqlite3 (1.4.1)
    ssrf_filter (1.1.1)
    temple (0.8.1)
    tilt (2.0.9)
    time_ago_in_words (0.1.1)
    tzinfo (2.0.5)
      concurrent-ruby (~> 1.0)

PLATFORMS
  ruby

DEPENDENCIES
  carrierwave
  carrierwave-sequel
  haml
  pry-byebug
  puma
  rmagick
  sequel
  sinatra
  sinatra-reloader (~> 1.0)
  sqlite3
  time_ago_in_words

BUNDLED WITH
   2.0.1
